PATH
  remote: .
  specs:
    beautiful_code (0.0.1)
      rmagick

GEM
  remote: http://rubygems.org/
  specs:
    bluecloth (2.1.0)
    minitest (2.3.1)
    mocha (0.9.12)
    rake (0.9.2)
    rmagick (2.13.1)
    yard (0.7.2)

PLATFORMS
  ruby

DEPENDENCIES
  beautiful_code!
  bluecloth
  minitest
  mocha
  rake
  yard
